GEM
  remote: http://rubygems.org/
  specs:
    addressable (2.2.6)
    blankslate (2.1.2.4)
    bluecloth (2.2.0)
    chunky_png (1.2.5)
    coffee-script (2.2.0)
      coffee-script-source
      execjs
    coffee-script-source (1.1.3)
    compass (0.12.alpha.2)
      chunky_png (~> 1.2)
      fssm (>= 0.2.7)
      sass (~> 3.1)
    daemons (1.1.4)
    em-websocket (0.3.5)
      addressable (>= 2.1.1)
      eventmachine (>= 0.12.9)
    eventmachine (0.12.10)
    execjs (1.2.11)
      multi_json (~> 1.0)
    fssm (0.2.7)
    gli (1.4.0)
    guard (0.8.8)
      thor (~> 0.14.6)
    guard-livereload (0.3.1)
      em-websocket (>= 0.2.0)
      guard (>= 0.4.0)
      multi_json (~> 1.0.3)
    hike (1.2.1)
    json (1.6.3)
    libv8 (3.3.10.4)
    multi_json (1.0.4)
    nokogiri (1.5.0)
    parslet (1.2.3)
      blankslate (~> 2.0)
    rack (1.3.5)
    rack-livereload (0.3.3)
      rack
    rack-protection (1.1.4)
      rack
    rmagick (2.13.1)
    sass (3.1.11)
    showoff (0.7.0)
      bluecloth
      gli (>= 1.3.2)
      json
      nokogiri
      parslet
      sinatra
    sinatra (1.3.1)
      rack (~> 1.3, >= 1.3.4)
      rack-protection (~> 1.1, >= 1.1.2)
      tilt (~> 1.3, >= 1.3.3)
    sprockets (2.1.2)
      hike (~> 1.2)
      rack (~> 1.0)
      tilt (~> 1.1, != 1.3.0)
    sprockets-sass (0.5.1)
      sprockets (~> 2.0)
      tilt (~> 1.1)
    therubyracer (0.9.9)
      libv8 (~> 3.3.10)
    thin (1.3.1)
      daemons (>= 1.0.9)
      eventmachine (>= 0.12.6)
      rack (>= 1.0.0)
    thor (0.14.6)
    tilt (1.3.3)

PLATFORMS
  ruby

DEPENDENCIES
  coffee-script
  compass (~> 0.12.alpha)
  guard
  guard-livereload
  rack-livereload
  rmagick
  sass
  showoff
  sprockets
  sprockets-sass
  therubyracer
  thin
